GEM
  remote: https://rubygems.org/
  specs:
    concurrent-ruby (1.3.5)
    logger (1.7.0)
    mime-types (3.7.0)
      logger
      mime-types-data (~> 3.2025, >= 3.2025.0507)
    mime-types-data (3.2025.0909)
    playwright-ruby-client (0.9.0)
      concurrent-ruby (>= 1.1.6)
      mime-types (>= 3.0)

PLATFORMS
  ruby
  x86_64-linux

DEPENDENCIES
  playwright-ruby-client (~> 0.4)

BUNDLED WITH
   2.7.2
