GEM
  remote: https://rubygems.org/
  specs:
    curb (1.2.0)
    dotenv (3.1.8)
    nokogiri (1.18.10-x86_64-linux-gnu)
      racc (~> 1.4)
    racc (1.8.1)

PLATFORMS
  x86_64-linux

DEPENDENCIES
  curb
  dotenv
  nokogiri

BUNDLED WITH
   2.7.2
